PATH
  remote: ~/forks/rspec-core
  specs:
    rspec-core (3.2.0.pre)
      rspec-support

GEM
  remote: https://www.rubygems.org/
  specs:
    coderay (1.1.0)
    method_source (0.8.2)
    pry (0.10.1)
      coderay (~> 1.1.0)
      method_source (~> 0.8.1)
      slop (~> 3.4)
    rspec-support (3.1.2)
    slop (3.6.0)

PLATFORMS
  ruby

DEPENDENCIES
  pry
  rspec-core!
